GEM
  remote: https://rubygems.org/
  specs:
    crack (0.3.1)
    httparty (0.9.0)
      multi_json (~> 1.0)
      multi_xml
    json (1.7.5)
    linode (0.7.10)
      crack (>= 0.3.1)
      httparty
      httparty (>= 0.4.4)
      json
    multi_json (1.5.0)
    multi_xml (0.5.1)

PLATFORMS
  ruby

DEPENDENCIES
  httparty
  linode
